GEM
  remote: https://rubygems.org/
  specs:
    byebug (8.2.2)
    mini_portile2 (2.0.0)
    nokogiri (1.6.7.2)
      mini_portile2 (~> 2.0.0.rc2)
    power_assert (0.2.7)
    rake (10.5.0)
    test-unit (3.1.7)
      power_assert

PLATFORMS
  ruby

DEPENDENCIES
  byebug
  nokogiri
  rake
  test-unit
