GEM
  remote: https://rubygems.org/
  specs:
    byebug (11.1.3)
    mini_portile2 (2.6.1)
    nokogiri (1.12.5)
      mini_portile2 (~> 2.6.1)
      racc (~> 1.4)
    power_assert (2.0.1)
    racc (1.6.0)
    rake (13.0.6)
    test-unit (3.5.3)
      power_assert

PLATFORMS
  ruby

DEPENDENCIES
  byebug
  nokogiri
  rake
  test-unit

BUNDLED WITH
   1.17.3
